GEM
  remote: https://rubygems.org/
  specs:
    dotenv (2.5.0)
    net-scp (1.2.1)
      net-ssh (>= 2.6.5)
    net-ssh (5.0.2)
    rake (12.3.1)
    sshkit (1.16.1)
      net-scp (>= 1.1.2)
      net-ssh (>= 2.8.0)
    sshkit-sudo (0.1.0)
      sshkit (~> 1.8)

PLATFORMS
  ruby

DEPENDENCIES
  dotenv
  rake
  sshkit
  sshkit-sudo

BUNDLED WITH
   1.16.2
